GIT
  remote: git://github.com/seuros/capistrano-sidekiq.git
  revision: 3579860c72c597f44d7cc6ba57a123e2ce7b2c25
  specs:
    capistrano-sidekiq (0.3.3)
      capistrano
      sidekiq

GEM
  remote: https://rubygems.org/
  specs:
    actionmailer (4.1.8)
      actionpack (= 4.1.8)
      actionview (= 4.1.8)
      mail (~> 2.5, >= 2.5.4)
    actionpack (4.1.8)
      actionview (= 4.1.8)
      activesupport (= 4.1.8)
      rack (~> 1.5.2)
      rack-test (~> 0.6.2)
    actionview (4.1.8)
      activesupport (= 4.1.8)
      builder (~> 3.1)
      erubis (~> 2.7.0)
    active_model_serializers (0.8.1)
      activemodel (>= 3.0)
    activemodel (4.1.8)
      activesupport (= 4.1.8)
      builder (~> 3.1)
    activerecord (4.1.8)
      activemodel (= 4.1.8)
      activesupport (= 4.1.8)
      arel (~> 5.0.0)
    activesupport (4.1.8)
      i18n (~> 0.6, >= 0.6.9)
      json (~> 1.7, >= 1.7.7)
      minitest (~> 5.1)
      thread_safe (~> 0.1)
      tzinfo (~> 1.1)
    acts_as_commentable (4.0.1)
    acts_as_follower (0.2.1)
    acts_as_votable (0.9.0)
    ambry (0.3.1)
    ansi (1.4.3)
    arel (5.0.1.20140414130214)
    awesome_print (1.2.0)
    bcrypt (3.1.7)
    bower-rails (0.9.2)
    brice (0.2.9)
      ruby-nuggets (>= 0.5.2)
    builder (3.2.2)
    capistrano (2.15.5)
      highline
      net-scp (>= 1.0.0)
      net-sftp (>= 2.0.0)
      net-ssh (>= 2.0.14)
      net-ssh-gateway (>= 1.1.0)
    carrierwave (0.10.0)
      activemodel (>= 3.2.0)
      activesupport (>= 3.2.0)
      json (>= 1.7)
      mime-types (>= 1.16)
    celluloid (0.15.2)
      timers (~> 1.1.0)
    celluloid-io (0.15.0)
      celluloid (>= 0.15.0)
      nio4r (>= 0.5.0)
    coderay (1.1.0)
    commander (4.2.0)
      highline (~> 1.6.11)
    connection_pool (2.0.0)
    dalli (2.6.4)
    devise (3.2.4)
      bcrypt (~> 3.0)
      orm_adapter (~> 0.1)
      railties (>= 3.2.6, < 5)
      thread_safe (~> 0.1)
      warden (~> 1.2.3)
    docile (1.1.3)
    domain_name (0.5.22)
      unf (>= 0.0.5, < 1.0.0)
    draper (1.3.0)
      actionpack (>= 3.0)
      activemodel (>= 3.0)
      activesupport (>= 3.0)
      request_store (~> 1.0.3)
    erubis (2.7.0)
    excon (0.13.4)
    execjs (2.2.2)
    factory_girl (4.4.0)
      activesupport (>= 3.0.0)
    factory_girl_rails (4.4.1)
      factory_girl (~> 4.4.0)
      railties (>= 3.0.0)
    faker (1.3.0)
      i18n (~> 0.5)
    ffi (1.9.3)
    figaro (0.7.0)
      bundler (~> 1.0)
      rails (>= 3, < 5)
    fog (1.3.1)
      builder
      excon (~> 0.13.0)
      formatador (~> 0.2.0)
      mime-types
      multi_json (~> 1.0)
      net-scp (~> 1.0.4)
      net-ssh (>= 2.1.3)
      nokogiri (~> 1.5.0)
      ruby-hmac
    formatador (0.2.4)
    friendly_id (5.0.4)
      activerecord (>= 4.0.0)
    geokit (1.8.4)
      multi_json (>= 1.3.2)
    geokit-rails (2.0.1)
      geokit (~> 1.5)
      rails (>= 3.0)
    guard (2.6.0)
      formatador (>= 0.2.4)
      listen (~> 2.7)
      lumberjack (~> 1.0)
      pry (>= 0.9.12)
      thor (>= 0.18.1)
    guard-minitest (2.2.0)
      guard (~> 2.0)
      minitest (>= 3.0)
    highline (1.6.21)
    hike (1.2.3)
    hirb (0.7.1)
    houston (2.1.0)
      commander (~> 4.1)
      json
    http-cookie (1.0.2)
      domain_name (~> 0.5)
    i18n (0.6.11)
    ice_nine (0.11.0)
    json (1.8.1)
    kgio (2.9.2)
    listen (2.7.1)
      celluloid (>= 0.15.2)
      celluloid-io (>= 0.15.0)
      rb-fsevent (>= 0.9.3)
      rb-inotify (>= 0.9)
    lumberjack (1.0.5)
    mail (2.6.3)
      mime-types (>= 1.16, < 3)
    mechanize (2.7.3)
      domain_name (~> 0.5, >= 0.5.1)
      http-cookie (~> 1.0)
      mime-types (~> 2.0)
      net-http-digest_auth (~> 1.1, >= 1.1.1)
      net-http-persistent (~> 2.5, >= 2.5.2)
      nokogiri (~> 1.4)
      ntlm-http (~> 0.1, >= 0.1.1)
      webrobots (>= 0.0.9, < 0.2)
    memcachier (0.0.2)
    memoist (0.9.1)
    merit (2.1.1)
      ambry (~> 0.3.0)
    method_source (0.8.2)
    mime-types (2.4.3)
    mini_magick (4.0.1)
    minitest (5.5.0)
    minitest-reporters (1.0.4)
      ansi
      builder
      minitest (>= 5.0)
      ruby-progressbar
    multi_json (1.10.1)
    net-http-digest_auth (1.4)
    net-http-persistent (2.9.4)
    net-scp (1.0.4)
      net-ssh (>= 1.99.1)
    net-sftp (2.1.2)
      net-ssh (>= 2.6.5)
    net-ssh (2.9.1)
    net-ssh-gateway (1.2.0)
      net-ssh (>= 2.6.5)
    newrelic_rpm (3.6.6.147)
    nio4r (1.0.0)
    nokogiri (1.5.11)
    ntlm-http (0.1.1)
    orm_adapter (0.5.0)
    pg (0.17.1)
    pry (0.9.12.6)
      coderay (~> 1.0)
      method_source (~> 0.8)
      slop (~> 3.4)
    pry-rails (0.3.2)
      pry (>= 0.9.10)
    rack (1.5.2)
    rack-cache (1.2)
      rack (>= 0.4)
    rack-cors (0.2.9)
    rack-test (0.6.2)
      rack (>= 1.0)
    rails (4.1.8)
      actionmailer (= 4.1.8)
      actionpack (= 4.1.8)
      actionview (= 4.1.8)
      activemodel (= 4.1.8)
      activerecord (= 4.1.8)
      activesupport (= 4.1.8)
      bundler (>= 1.3.0, < 2.0)
      railties (= 4.1.8)
      sprockets-rails (~> 2.0)
    rails-assets-fastclick (1.0.3)
    rails_autolink (1.1.6)
      rails (> 3.1)
    railties (4.1.8)
      actionpack (= 4.1.8)
      activesupport (= 4.1.8)
      rake (>= 0.8.7)
      thor (>= 0.18.1, < 2.0)
    raindrops (0.13.0)
    rake (10.4.2)
    rb-fsevent (0.9.4)
    rb-inotify (0.9.3)
      ffi (>= 0.5.0)
    rb-readline (0.5.1)
    redis (3.1.0)
    redis-namespace (1.5.0)
      redis (~> 3.0, >= 3.0.4)
    request_store (1.0.5)
    rr (1.1.2)
    ruby-hmac (0.4.0)
    ruby-nuggets (0.9.7)
    ruby-progressbar (1.5.1)
    ruby_parser (3.5.0)
      sexp_processor (~> 4.1)
    sass (3.2.19)
    sass-rails (4.0.5)
      railties (>= 4.0.0, < 5.0)
      sass (~> 3.2.2)
      sprockets (~> 2.8, < 3.0)
      sprockets-rails (~> 2.0)
    sexp_processor (4.4.3)
    sidekiq (3.1.4)
      celluloid (>= 0.15.2)
      connection_pool (>= 2.0.0)
      json
      redis (>= 3.0.6)
      redis-namespace (>= 1.3.1)
    simplecov (0.8.2)
      docile (~> 1.1.0)
      multi_json
      simplecov-html (~> 0.8.0)
    simplecov-html (0.8.0)
    slim (2.1.0)
      temple (~> 0.6.9)
      tilt (>= 1.3.3, < 2.1)
    slop (3.5.0)
    sprig (0.1.2)
    spring (1.2.0)
    sprockets (2.12.3)
      hike (~> 1.2)
      multi_json (~> 1.0)
      rack (~> 1.0)
      tilt (~> 1.1, != 1.3.0)
    sprockets-rails (2.2.2)
      actionpack (>= 3.0)
      activesupport (>= 3.0)
      sprockets (>= 2.8, < 4.0)
    temple (0.6.10)
    term-ansicolor (1.3.0)
      tins (~> 1.0)
    thor (0.19.1)
    thread_safe (0.3.4)
    tilt (1.4.1)
    timers (1.1.0)
    tins (1.3.0)
    tzinfo (1.2.2)
      thread_safe (~> 0.1)
    uglifier (2.5.3)
      execjs (>= 0.3.0)
      json (>= 1.8.0)
    unf (0.1.4)
      unf_ext
    unf_ext (0.0.6)
    unicorn (4.6.3)
      kgio (~> 2.6)
      rack
      raindrops (~> 0.7)
    warden (1.2.3)
      rack (>= 1.0)
    webrobots (0.1.1)
    will_paginate (3.0.5)

PLATFORMS
  ruby

DEPENDENCIES
  active_model_serializers (~> 0.8.1)
  acts_as_commentable (~> 4.0.0)
  acts_as_follower (~> 0.2.1)
  acts_as_votable (~> 0.9.0)
  awesome_print
  bower-rails
  brice
  capistrano (~> 2.15.5)
  capistrano-sidekiq!
  carrierwave (~> 0.10.0)
  dalli (~> 2.6.4)
  devise (~> 3.2.0)
  draper (~> 1.0)
  factory_girl_rails
  faker
  figaro (~> 0.7.0)
  fog (~> 1.3.1)
  friendly_id
  geokit-rails (~> 2.0.0)
  guard-minitest
  hirb
  houston (~> 2.1)
  ice_nine (~> 0.11.0)
  kgio (~> 2.6)
  mechanize
  memcachier (~> 0.0.2)
  memoist (= 0.9.1)
  merit (~> 2.1.1)
  mini_magick
  minitest
  minitest-reporters
  newrelic_rpm (~> 3.6.6.147)
  pg (~> 0.17.0)
  pry
  pry-rails
  rack-cache (~> 1.2)
  rack-cors
  rails (= 4.1.8)
  rails-assets-fastclick
  rails_autolink
  railties (= 4.1.8)
  rb-readline (~> 0.5.1)
  rr
  ruby_parser
  sass-rails
  sidekiq (~> 3.1)
  simplecov (~> 0.8.2)
  slim
  sprig (~> 0.1)
  spring
  term-ansicolor
  uglifier
  unicorn (~> 4.6.3)
  will_paginate (~> 3.0)
