GIT
  remote: git://git.i.internal/ruby/core-extensions.git
  revision: 7d2aa40743c654b4f95117a6f8235f58bd20dc7e
  specs:
    zoocasa-core-extensions (0.0.1.dev)
      activesupport (>= 2.3)

GIT
  remote: git://git.i.internal/ruby/rails-extensions.git
  revision: 586a43c6c314b311362b21a3c970be0d852ff7f0
  branch: rails-4
  specs:
    zoocasa-rails-extensions (0.0.1.dev)
      rails (>= 3.2)

GIT
  remote: git://github.com/michaelhayman/simple_hashtag.git
  revision: 2134a6e9a90ce94e8828cf4c1eedea40bc98ed10
  specs:
    simple_hashtag (0.1.3)
      rails (> 3.2.0)

GIT
  remote: git://github.com/zoocasa/activerecord-postgresql-extensions.git
  revision: 8e4a76f88d3af08c40dfbe8947d3537792a94362
  branch: rails-4
  specs:
    activerecord-postgresql-extensions (1.0.0.dev)
      activerecord (>= 3.2)

GEM
  remote: https://rubygems.org/
  specs:
    actionmailer (4.0.1)
      actionpack (= 4.0.1)
      mail (~> 2.5.4)
    actionpack (4.0.1)
      activesupport (= 4.0.1)
      builder (~> 3.1.0)
      erubis (~> 2.7.0)
      rack (~> 1.5.2)
      rack-test (~> 0.6.2)
    active-profiling (0.1.0)
      rails (>= 3.0)
    active_model_serializers (0.8.1)
      activemodel (>= 3.0)
    activemodel (4.0.1)
      activesupport (= 4.0.1)
      builder (~> 3.1.0)
    activerecord (4.0.1)
      activemodel (= 4.0.1)
      activerecord-deprecated_finders (~> 1.0.2)
      activesupport (= 4.0.1)
      arel (~> 4.0.0)
    activerecord-deprecated_finders (1.0.3)
    activerecord-postgresql-cursors (0.1.0)
      activerecord (>= 2.3)
    activerecord-spatial (0.2.0)
      geos-extensions (>= 0.3.0.dev)
      rails (>= 3.2, != 4.0.0)
    activesupport (4.0.1)
      i18n (~> 0.6, >= 0.6.4)
      minitest (~> 4.2)
      multi_json (~> 1.3)
      thread_safe (~> 0.1)
      tzinfo (~> 0.3.37)
    acts_as_commentable (4.0.1)
    acts_as_follower (0.2.0)
    acts_as_votable (0.6.0)
      rails (>= 3.2.11)
    ansi (1.4.3)
    arel (4.0.1)
    atomic (1.1.14)
    awesome_print (1.2.0)
    bcrypt-ruby (3.1.2)
    better_errors (1.1.0)
      coderay (>= 1.0.0)
      erubis (>= 2.6.6)
    binding_of_caller (0.7.2)
      debug_inspector (>= 0.0.1)
    brice (0.2.9)
      ruby-nuggets (>= 0.5.2)
    builder (3.1.4)
    carrierwave (0.9.0)
      activemodel (>= 3.2.0)
      activesupport (>= 3.2.0)
      json (>= 1.7)
    celluloid (0.15.2)
      timers (~> 1.1.0)
    celluloid-io (0.15.0)
      celluloid (>= 0.15.0)
      nio4r (>= 0.5.0)
    childprocess (0.4.2)
      ffi (~> 1.0, >= 1.0.11)
    coderay (1.1.0)
    dalli (2.6.4)
    debug_inspector (0.0.2)
    devise (3.2.0)
      bcrypt-ruby (~> 3.0)
      orm_adapter (~> 0.1)
      railties (>= 3.2.6, < 5)
      thread_safe (~> 0.1)
      warden (~> 1.2.3)
    docile (1.1.3)
    draper (1.3.0)
      actionpack (>= 3.0)
      activemodel (>= 3.0)
      activesupport (>= 3.0)
      request_store (~> 1.0.3)
    erubis (2.7.0)
    excon (0.13.4)
    factory_girl (4.2.0)
      activesupport (>= 3.0.0)
    factory_girl_rails (4.2.1)
      factory_girl (~> 4.2.0)
      railties (>= 3.0.0)
    faker (1.2.0)
      i18n (~> 0.5)
    ffi (1.9.3)
    ffi-geos (0.4.0)
      ffi (>= 1.0.0)
    fog (1.3.1)
      builder
      excon (~> 0.13.0)
      formatador (~> 0.2.0)
      mime-types
      multi_json (~> 1.0)
      net-scp (~> 1.0.4)
      net-ssh (>= 2.1.3)
      nokogiri (~> 1.5.0)
      ruby-hmac
    formatador (0.2.4)
    geokit (1.6.7)
      multi_json (>= 1.3.2)
    geokit-rails (2.0.0)
      geokit (~> 1.5)
      rails (>= 3.0)
    geos-extensions (0.3.0)
      ffi-geos (~> 0.1)
    guard (2.4.0)
      formatador (>= 0.2.4)
      listen (~> 2.1)
      lumberjack (~> 1.0)
      pry (>= 0.9.12)
      thor (>= 0.18.1)
    guard-jasmine (1.19.0)
      childprocess
      guard (>= 2.0.0)
      multi_json
      thor
      tilt
    guard-minitest (2.2.0)
      guard (~> 2.0)
      minitest (>= 3.0)
    guard-spin (0.3.0)
      guard
      spin
    hashie (2.0.5)
    hike (1.2.3)
    hirb (0.7.1)
    i18n (0.6.5)
    ice_nine (0.11.0)
    jbuilder (2.0.2)
      activesupport (>= 3.0.0)
      multi_json (>= 1.2.0)
    json (1.8.1)
    kgio (2.8.1)
    listen (2.5.0)
      celluloid (>= 0.15.2)
      celluloid-io (>= 0.15.0)
      rb-fsevent (>= 0.9.3)
      rb-inotify (>= 0.9)
    lumberjack (1.0.4)
    mail (2.5.4)
      mime-types (~> 1.16)
      treetop (~> 1.4.8)
    memcachier (0.0.2)
    memoist (0.9.1)
    method_source (0.8.2)
    mime-types (1.25)
    minitest (4.7.5)
    minitest-reporters (0.14.24)
      ansi
      builder
      minitest (>= 2.12, < 5.0)
      powerbar
    multi_json (1.8.2)
    net-scp (1.0.4)
      net-ssh (>= 1.99.1)
    net-ssh (2.7.0)
    newrelic_rpm (3.6.6.147)
    nio4r (1.0.0)
    nokogiri (1.5.10)
    orm_adapter (0.4.0)
    pg (0.17.0)
    polyglot (0.3.3)
    powerbar (1.0.11)
      ansi (~> 1.4.0)
      hashie (>= 1.1.0)
    pry (0.9.12.6)
      coderay (~> 1.0)
      method_source (~> 0.8)
      slop (~> 3.4)
    pry-rails (0.3.2)
      pry (>= 0.9.10)
    rack (1.5.2)
    rack-cache (1.2)
      rack (>= 0.4)
    rack-test (0.6.2)
      rack (>= 1.0)
    rails (4.0.1)
      actionmailer (= 4.0.1)
      actionpack (= 4.0.1)
      activerecord (= 4.0.1)
      activesupport (= 4.0.1)
      bundler (>= 1.3.0, < 2.0)
      railties (= 4.0.1)
      sprockets-rails (~> 2.0.0)
    rails_12factor (0.0.2)
      rails_serve_static_assets
      rails_stdout_logging
    rails_serve_static_assets (0.0.1)
    rails_stdout_logging (0.0.3)
    railties (4.0.1)
      actionpack (= 4.0.1)
      activesupport (= 4.0.1)
      rake (>= 0.8.7)
      thor (>= 0.18.1, < 2.0)
    raindrops (0.12.0)
    rake (10.1.0)
    rb-fsevent (0.9.4)
    rb-inotify (0.9.3)
      ffi (>= 0.5.0)
    request_store (1.0.5)
    rr (1.1.2)
    ruby-hmac (0.4.0)
    ruby-nuggets (0.9.6)
    ruby-prof (0.14.2)
    ruby_parser (3.4.1)
      sexp_processor (~> 4.1)
    sexp_processor (4.4.1)
    simplecov (0.8.2)
      docile (~> 1.1.0)
      multi_json
      simplecov-html (~> 0.8.0)
    simplecov-html (0.8.0)
    slop (3.4.7)
    spin (0.7.1)
    sprockets (2.10.0)
      hike (~> 1.2)
      multi_json (~> 1.0)
      rack (~> 1.0)
      tilt (~> 1.1, != 1.3.0)
    sprockets-rails (2.0.1)
      actionpack (>= 3.0)
      activesupport (>= 3.0)
      sprockets (~> 2.8)
    term-ansicolor (1.3.0)
      tins (~> 1.0)
    thor (0.18.1)
    thread_safe (0.1.3)
      atomic
    tilt (1.4.1)
    timecop (0.7.1)
    timers (1.1.0)
    tins (1.0.0)
    treetop (1.4.15)
      polyglot
      polyglot (>= 0.3.1)
    tzinfo (0.3.38)
    unicorn (4.6.3)
      kgio (~> 2.6)
      rack
      raindrops (~> 0.7)
    warden (1.2.3)
      rack (>= 1.0)
    will_paginate (3.0.5)
    zeus (0.13.3)
      method_source (>= 0.6.7)

PLATFORMS
  ruby

DEPENDENCIES
  active-profiling
  active_model_serializers
  activerecord-postgresql-cursors (~> 0.1.0)
  activerecord-postgresql-extensions!
  activerecord-spatial (~> 0.2.0)
  acts_as_commentable (~> 4.0.0)
  acts_as_follower (~> 0.2.0)
  acts_as_votable (~> 0.6.0)
  awesome_print
  better_errors
  binding_of_caller
  brice
  carrierwave (~> 0.9.0)
  dalli (~> 2.6.4)
  devise (~> 3.2.0)
  draper (~> 1.0)
  factory_girl_rails
  faker
  fog (~> 1.3.1)
  geokit-rails (~> 2.0.0)
  guard-jasmine
  guard-minitest
  guard-spin
  hirb
  ice_nine
  jbuilder (~> 2.0)
  kgio (~> 2.6)
  memcachier (~> 0.0.2)
  memoist (= 0.9.1)
  minitest
  minitest-reporters
  newrelic_rpm (~> 3.6.6.147)
  pg (~> 0.17.0)
  pry
  pry-rails
  rack-cache (~> 1.2)
  rails (= 4.0.1)
  rails_12factor (~> 0.0.2)
  railties (= 4.0.1)
  rr
  ruby-prof
  ruby_parser
  simple_hashtag!
  simplecov
  term-ansicolor
  timecop
  unicorn (~> 4.6.3)
  will_paginate (~> 3.0)
  zeus
  zoocasa-core-extensions!
  zoocasa-rails-extensions!
